GEM
  remote: https://rubygems.org/
  specs:
    activemodel (4.1.0)
      activesupport (= 4.1.0)
      builder (~> 3.1)
    activesupport (4.1.0)
      i18n (~> 0.6, >= 0.6.9)
      json (~> 1.7, >= 1.7.7)
      minitest (~> 5.1)
      thread_safe (~> 0.1)
      tzinfo (~> 1.1)
    atomic (1.1.16)
    builder (3.2.2)
    chronic (0.10.2)
    clbustos-rtf (0.4.2)
    coderay (1.1.0)
    daemons (1.1.9)
    dirty-memoize (0.0.4)
    distribution (0.7.0)
    dotenv (0.9.0)
    eventmachine (1.0.3)
    extendmatrix (0.3.1)
    faraday (0.8.8)
      multipart-post (~> 1.2.0)
    faraday_middleware (0.9.0)
      faraday (>= 0.7.4, < 0.9)
    fastercsv (1.5.5)
    fitgem (0.9.0)
      oauth
    google_visualr (2.3.0)
    hashie (2.0.5)
    i18n (0.6.9)
    json (1.8.1)
    method_source (0.8.2)
    middleware (0.1.0)
    minimization (0.2.1)
      text-table (~> 1.2)
    minitest (5.3.2)
    multi_json (1.8.2)
    multi_xml (0.5.5)
    multipart-post (1.2.0)
    nobrainer (0.13.1)
      activemodel (>= 4.0.0)
      activesupport (>= 4.0.0)
      middleware (~> 0.1.0)
      rethinkdb (~> 1.12.0.1)
    oauth (0.4.7)
    omniauth (1.2.1)
      hashie (>= 1.2, < 3)
      rack (~> 1.0)
    omniauth-fitbit (1.0.3)
      multi_xml
      omniauth-oauth (~> 1.0)
    omniauth-oauth (1.0.1)
      oauth
      omniauth (~> 1.0)
    pocket-ruby (0.0.4)
      faraday (>= 0.7, < 0.9)
      faraday_middleware (~> 0.8)
      hashie (>= 0.4.0)
      multi_json (~> 1.0, >= 1.0.3)
    prawn (0.8.4)
      prawn-core (>= 0.8.4, < 0.9)
      prawn-core (>= 0.8.4, < 0.9)
      prawn-layout (>= 0.8.4, < 0.9)
      prawn-layout (>= 0.8.4, < 0.9)
      prawn-security (>= 0.8.4, < 0.9)
      prawn-security (>= 0.8.4, < 0.9)
    prawn-core (0.8.4)
    prawn-layout (0.8.4)
    prawn-security (0.8.4)
    prawn-svg (0.9.1.11)
      prawn (>= 0.8.4)
    pry (0.9.12.6)
      coderay (~> 1.0)
      method_source (~> 0.8)
      slop (~> 3.4)
    rack (1.5.2)
    rack-protection (1.5.1)
      rack
    rake (10.3.2)
    reportbuilder (1.4.2)
      clbustos-rtf (~> 0.4.0)
      prawn (~> 0.8.4)
      prawn-svg (~> 0.9.1)
      text-table (~> 1.2)
    rethinkdb (1.12.0.2)
      json
      ruby-protocol-buffers
      varint
    rserve-client (0.2.5)
    ruby-ole (1.2.11.7)
    ruby-protocol-buffers (1.5.1)
    rubyvis (0.6.0)
    shotgun (0.9)
      rack (>= 1.0)
    sinatra (1.4.3)
      rack (~> 1.4)
      rack-protection (~> 1.4)
      tilt (~> 1.3, >= 1.3.4)
    slim (1.3.8)
      temple (~> 0.6.3)
      tilt (~> 1.3.3)
    slop (3.4.7)
    spreadsheet (0.6.9)
      ruby-ole (>= 1.0)
    statsample (1.3.1)
      dirty-memoize (~> 0.0)
      distribution (~> 0.6)
      extendmatrix (~> 0.3.1)
      fastercsv (> 0)
      minimization (~> 0.2.0)
      reportbuilder (~> 1.4)
      rserve-client (~> 0.2.5)
      rubyvis (~> 0.5)
      spreadsheet (~> 0.6.5)
      statsample-bivariate-extension (> 0)
    statsample-bivariate-extension (1.1.0)
      distribution (~> 0.6)
    temple (0.6.4)
    text-table (1.2.3)
    thin (1.6.1)
      daemons (>= 1.0.9)
      eventmachine (>= 1.0.0)
      rack (>= 1.0.0)
    thread_safe (0.3.1)
      atomic (>= 1.1.7, < 2)
    tilt (1.3.7)
    tzinfo (1.1.0)
      thread_safe (~> 0.1)
    varint (0.1.0)

PLATFORMS
  ruby

DEPENDENCIES
  chronic
  dotenv
  fitgem
  google_visualr (>= 2.1)
  nobrainer
  omniauth-fitbit
  pocket-ruby
  pry
  rake
  shotgun
  sinatra
  slim
  statsample
  thin
