GEM
  remote: https://rubygems.org/
  specs:
    activemodel (4.1.0)
      activesupport (= 4.1.0)
      builder (~> 3.1)
    activesupport (4.1.0)
      i18n (~> 0.6, >= 0.6.9)
      json (~> 1.7, >= 1.7.7)
      minitest (~> 5.1)
      thread_safe (~> 0.1)
      tzinfo (~> 1.1)
    atomic (1.1.16)
    builder (3.2.2)
    coderay (1.1.0)
    daemons (1.1.9)
    dotenv (0.9.0)
    eventmachine (1.0.3)
    faraday (0.8.8)
      multipart-post (~> 1.2.0)
    faraday_middleware (0.9.0)
      faraday (>= 0.7.4, < 0.9)
    hashie (2.0.5)
    i18n (0.6.9)
    json (1.8.1)
    method_source (0.8.2)
    middleware (0.1.0)
    minitest (5.3.2)
    multi_json (1.8.2)
    multipart-post (1.2.0)
    nobrainer (0.13.1)
      activemodel (>= 4.0.0)
      activesupport (>= 4.0.0)
      middleware (~> 0.1.0)
      rethinkdb (~> 1.12.0.1)
    pocket-ruby (0.0.4)
      faraday (>= 0.7, < 0.9)
      faraday_middleware (~> 0.8)
      hashie (>= 0.4.0)
      multi_json (~> 1.0, >= 1.0.3)
    pry (0.9.12.6)
      coderay (~> 1.0)
      method_source (~> 0.8)
      slop (~> 3.4)
    rack (1.5.2)
    rack-protection (1.5.1)
      rack
    rake (10.3.2)
    rethinkdb (1.12.0.2)
      json
      ruby-protocol-buffers
      varint
    ruby-protocol-buffers (1.5.1)
    shotgun (0.9)
      rack (>= 1.0)
    sinatra (1.4.3)
      rack (~> 1.4)
      rack-protection (~> 1.4)
      tilt (~> 1.3, >= 1.3.4)
    slim (1.3.8)
      temple (~> 0.6.3)
      tilt (~> 1.3.3)
    slop (3.4.7)
    temple (0.6.4)
    thin (1.6.1)
      daemons (>= 1.0.9)
      eventmachine (>= 1.0.0)
      rack (>= 1.0.0)
    thread_safe (0.3.1)
      atomic (>= 1.1.7, < 2)
    tilt (1.3.7)
    tzinfo (1.1.0)
      thread_safe (~> 0.1)
    varint (0.1.0)

PLATFORMS
  ruby

DEPENDENCIES
  dotenv
  nobrainer
  pocket-ruby
  pry
  rake
  shotgun
  sinatra
  slim
  thin
